GIT
  remote: https://github.com/pophealth/hqmf-parser.git
  revision: 588c469e9b4e811581a58bb3a855cf2f2fa00ca2
  branch: develop
  specs:
    hqmf-parser (1.0.6)
      google-spreadsheet-ruby (= 0.1.8)
      roo (= 1.10.1)
      rubyzip
      spreadsheet (= 0.6.8)

GIT
  remote: https://github.com/projectcypress/health-data-standards.git
  revision: 67f26fdd7ca48622bcbfefb3e446fd2bb680c99a
  branch: develop
  specs:
    health-data-standards (2.1.4)
      activesupport (~> 3.2.9)
      builder (~> 3.0.0)
      erubis (~> 2.7.0)
      mongoid (~> 3.0.14)
      nokogiri (~> 1.5.5)
      rest-client (~> 1.6.7)
      uuid (~> 2.3.5)

GEM
  remote: http://rubygems.org/
  specs:
    activemodel (3.2.9)
      activesupport (= 3.2.9)
      builder (~> 3.0.0)
    activesupport (3.2.9)
      i18n (~> 0.6)
      multi_json (~> 1.0)
    builder (3.0.4)
    choice (0.1.6)
    coderay (1.0.8)
    erubis (2.7.0)
    faraday (0.8.4)
      multipart-post (~> 1.1)
    google-spreadsheet-ruby (0.1.8)
      nokogiri (>= 1.4.3.1)
      oauth (>= 0.3.6)
      oauth2 (>= 0.5.0)
    httpauth (0.2.0)
    i18n (0.6.1)
    jwt (0.1.5)
      multi_json (>= 1.0)
    log4r (1.1.10)
    macaddr (1.6.1)
      systemu (~> 2.5.0)
    metaclass (0.0.1)
    method_source (0.8.1)
    mime-types (1.19)
    mocha (0.13.0)
      metaclass (~> 0.0.1)
    mongoid (3.0.14)
      activemodel (~> 3.1)
      moped (~> 1.1)
      origin (~> 1.0)
      tzinfo (~> 0.3.22)
    moped (1.3.0)
    multi_json (1.3.7)
    multipart-post (1.1.5)
    nokogiri (1.5.5)
    oauth (0.4.7)
    oauth2 (0.8.0)
      faraday (~> 0.8)
      httpauth (~> 0.1)
      jwt (~> 0.1.4)
      multi_json (~> 1.0)
      rack (~> 1.2)
    origin (1.0.11)
    pry (0.9.10)
      coderay (~> 1.0.5)
      method_source (~> 0.8)
      slop (~> 3.3.1)
    pry-nav (0.2.2)
      pry (~> 0.9.10)
    rack (1.4.1)
    rake (10.0.2)
    rest-client (1.6.7)
      mime-types (>= 1.16)
    roo (1.10.1)
      choice (>= 0.1.4)
      google-spreadsheet-ruby (>= 0.1.5)
      nokogiri (>= 1.5.0)
      rubyzip (>= 0.9.4)
      spreadsheet (> 0.6.4)
      todonotes (>= 0.1.0)
    ruby-ole (1.2.11.5)
    rubyzip (0.9.9)
    simplecov (0.7.1)
      multi_json (~> 1.0)
      simplecov-html (~> 0.7.1)
    simplecov-html (0.7.1)
    slop (3.3.3)
    spreadsheet (0.6.8)
      ruby-ole (>= 1.0)
    systemu (2.5.2)
    todonotes (0.1.0)
      log4r
    tzinfo (0.3.35)
    uuid (2.3.6)
      macaddr (~> 1.0)

PLATFORMS
  ruby

DEPENDENCIES
  health-data-standards!
  hqmf-parser!
  mocha
  pry
  pry-nav
  rake
  simplecov
