GIT
  remote: https://github.com/pophealth/hqmf-parser.git
  revision: c882d8d87db7da44265f0680b730b54cd8f57c45
  branch: develop
  specs:
    hqmf-parser (0.0.1)
      google-spreadsheet-ruby (= 0.1.8)
      roo (= 1.10.1)
      rubyzip
      spreadsheet (= 0.6.8)

GIT
  remote: https://github.com/pophealth/quality-measure-engine.git
  revision: ffa4cd00dfb85cec4adbc4630a8979def2e94f4d
  branch: develop
  specs:
    quality-measure-engine (1.1.5)
      mongo (~> 1.3)
      nokogiri (>= 1.4.4)
      redis (~> 2.2.2)
      resque (~> 1.15.0)
      resque-status (~> 0.2.3)
      rubyzip (~> 0.9.4)

GEM
  remote: http://rubygems.org/
  specs:
    activemodel (3.2.8)
      activesupport (= 3.2.8)
      builder (~> 3.0.0)
    activesupport (3.2.8)
      i18n (~> 0.6)
      multi_json (~> 1.0)
    bson (1.7.0)
    builder (3.0.3)
    choice (0.1.6)
    coderay (1.0.7)
    erubis (2.7.0)
    faraday (0.8.4)
      multipart-post (~> 1.1)
    google-spreadsheet-ruby (0.1.8)
      nokogiri (>= 1.4.3.1)
      oauth (>= 0.3.6)
      oauth2 (>= 0.5.0)
    health-data-standards (2.0.0)
      builder (~> 3.0.0)
      erubis (~> 2.7.0)
      mongoid (~> 3.0.6)
      nokogiri (~> 1.5.5)
      uuid (~> 2.3.5)
    httpauth (0.2.0)
    i18n (0.6.1)
    json (1.4.6)
    jwt (0.1.5)
      multi_json (>= 1.0)
    log4r (1.1.10)
    macaddr (1.6.1)
      systemu (~> 2.5.0)
    metaclass (0.0.1)
    method_source (0.8)
    mocha (0.12.4)
      metaclass (~> 0.0.1)
    mongo (1.7.0)
      bson (~> 1.7.0)
    mongoid (3.0.6)
      activemodel (~> 3.1)
      moped (~> 1.1)
      origin (~> 1.0)
      tzinfo (~> 0.3.22)
    moped (1.2.5)
    multi_json (1.3.6)
    multipart-post (1.1.5)
    nokogiri (1.5.5)
    oauth (0.4.7)
    oauth2 (0.8.0)
      faraday (~> 0.8)
      httpauth (~> 0.1)
      jwt (~> 0.1.4)
      multi_json (~> 1.0)
      rack (~> 1.2)
    origin (1.0.9)
    pry (0.9.10)
      coderay (~> 1.0.5)
      method_source (~> 0.8)
      slop (~> 3.3.1)
    pry-nav (0.2.2)
      pry (~> 0.9.10)
    rack (1.4.1)
    rack-protection (1.2.0)
      rack
    rake (0.9.2.2)
    redis (2.2.2)
    redis-namespace (1.1.0)
      redis (< 3.0.0)
    redisk (0.2.2)
      redis (>= 0.1.1)
      redis-namespace (>= 0.1.0)
    resque (1.15.0)
      json (~> 1.4.6)
      redis-namespace (>= 0.10.0)
      sinatra (>= 0.9.2)
      vegas (~> 0.1.2)
    resque-status (0.2.4)
      redisk (>= 0.2.1)
      resque (>= 1.3.1)
      uuid (>= 2.0.2)
    roo (1.10.1)
      choice (>= 0.1.4)
      google-spreadsheet-ruby (>= 0.1.5)
      nokogiri (>= 1.5.0)
      rubyzip (>= 0.9.4)
      spreadsheet (> 0.6.4)
      todonotes (>= 0.1.0)
    ruby-ole (1.2.11.4)
    rubyzip (0.9.9)
    simplecov (0.6.4)
      multi_json (~> 1.0)
      simplecov-html (~> 0.5.3)
    simplecov-html (0.5.3)
    sinatra (1.3.3)
      rack (~> 1.3, >= 1.3.6)
      rack-protection (~> 1.2)
      tilt (~> 1.3, >= 1.3.3)
    slop (3.3.3)
    spreadsheet (0.6.8)
      ruby-ole (>= 1.0)
    systemu (2.5.2)
    tilt (1.3.3)
    todonotes (0.1.0)
      log4r
    tzinfo (0.3.33)
    uuid (2.3.5)
      macaddr (~> 1.0)
    vegas (0.1.11)
      rack (>= 1.0.0)

PLATFORMS
  ruby

DEPENDENCIES
  health-data-standards (~> 2.0.0)
  hqmf-parser!
  mocha
  pry
  pry-nav
  quality-measure-engine!
  rake
  simplecov
